GIT
  remote: https://github.com/lsegal/yard.git
  revision: efb33b5411f54ae491c10ce5cd227fa49b985fde
  branch: main
  specs:
    yard (0.9.37)

PATH
  remote: .
  specs:
    nii (0.0.0)
      nii-calendars (= 0.0.0)
      nii-core (= 0.0.0)
      nii-units (= 0.0.0)
      nii-xml (= 0.0.0)
    nii-calendars (0.0.0)
      nii-core (= 0.0.0)
    nii-cli (0.0.0)
      dry-cli (~> 0.7)
      nii-core (= 0.0.0)
      nii-xml (= 0.0.0)
    nii-core (0.0.0)
      concurrent-ruby (~> 1.1)
      nii-rbnf (= 0.0.0)
      tzinfo (~> 2.0)
    nii-extra-locales (0.0.0)
      nii-core (= 0.0.0)
    nii-global (0.0.0)
      nii-core (= 0.0.0)
    nii-historic (0.0.0)
      nii-calendars (= 0.0.0)
      nii-core (= 0.0.0)
    nii-i18n (0.0.0)
      i18n (~> 1.8)
      nii-core (= 0.0.0)
    nii-rbnf (0.0.0)
    nii-sinatra (0.0.0)
      nii-core (= 0.0.0)
      sinatra (~> 2.0)
    nii-slim (0.0.0)
      nii-core (= 0.0.0)
      slim (~> 4.1)
    nii-sql (0.0.0)
      nii-core (= 0.0.0)
      sequel
    nii-units (0.0.0)
    nii-xml (0.0.0)
      nii-core (= 0.0.0)
      nokogiri (~> 1.11)

PATH
  remote: tools
  specs:
    nii-cldr (0.0.0)
      neatjson (~> 0.9)
      nii-core (= 0.0.0)
      nokogiri
      progressbar

GEM
  remote: https://rubygems.org/
  specs:
    actionpack (8.0.2)
      actionview (= 8.0.2)
      activesupport (= 8.0.2)
      nokogiri (>= 1.8.5)
      rack (>= 2.2.4)
      rack-session (>= 1.0.1)
      rack-test (>= 0.6.3)
      rails-dom-testing (~> 2.2)
      rails-html-sanitizer (~> 1.6)
      useragent (~> 0.16)
    actionview (8.0.2)
      activesupport (= 8.0.2)
      builder (~> 3.1)
      erubi (~> 1.11)
      rails-dom-testing (~> 2.2)
      rails-html-sanitizer (~> 1.6)
    activesupport (8.0.2)
      base64
      benchmark (>= 0.3)
      bigdecimal
      concurrent-ruby (~> 1.0, >= 1.3.1)
      connection_pool (>= 2.2.5)
      drb
      i18n (>= 1.6, < 2)
      logger (>= 1.4.2)
      minitest (>= 5.1)
      securerandom (>= 0.3)
      tzinfo (~> 2.0, >= 2.0.5)
      uri (>= 0.13.1)
    base64 (0.2.0)
    benchmark (0.4.0)
    bigdecimal (3.1.9)
    builder (3.3.0)
    camertron-eprun (1.1.1)
    cldr-plurals-runtime-rb (1.1.0)
    concurrent-ruby (1.3.5)
    concurrent-ruby-ext (1.3.5)
      concurrent-ruby (= 1.3.5)
    connection_pool (2.5.0)
    crass (1.0.6)
    date (3.4.1)
    docile (1.4.1)
    drb (2.2.1)
    dry-cli (0.7.0)
    erubi (1.13.1)
    fast_gettext (4.1.0)
      prime
      racc
    forwardable (1.3.3)
    gettext (3.5.1)
      erubi
      locale (>= 2.0.5)
      prime
      racc
      text (>= 1.3.0)
    hjson (0.1.2)
      json (>= 1.7.5)
    i18n (1.14.7)
      concurrent-ruby (~> 1.0)
    inifile (3.0.0)
    iniparse (1.5.0)
    io-console (0.8.0)
    irb (1.15.1)
      pp (>= 0.6.0)
      rdoc (>= 4.0.0)
      reline (>= 0.4.2)
    json (2.10.2)
    locale (2.1.4)
    logger (1.7.0)
    loofah (2.24.0)
      crass (~> 1.0.2)
      nokogiri (>= 1.12.0)
    mini_i18n (0.9.0)
    minitest (5.25.5)
    minitest-fail-fast (0.1.0)
      minitest (~> 5)
    money (6.19.0)
      i18n (>= 0.6.4, <= 2)
    mustermann (2.0.2)
      ruby2_keywords (~> 0.0.1)
    neatjson (0.10.5)
    nokogiri (1.18.6-aarch64-linux-gnu)
      racc (~> 1.4)
    nokogiri (1.18.6-aarch64-linux-musl)
      racc (~> 1.4)
    nokogiri (1.18.6-arm-linux-gnu)
      racc (~> 1.4)
    nokogiri (1.18.6-arm-linux-musl)
      racc (~> 1.4)
    nokogiri (1.18.6-arm64-darwin)
      racc (~> 1.4)
    nokogiri (1.18.6-x86_64-darwin)
      racc (~> 1.4)
    nokogiri (1.18.6-x86_64-linux-gnu)
      racc (~> 1.4)
    nokogiri (1.18.6-x86_64-linux-musl)
      racc (~> 1.4)
    oj (3.16.10)
      bigdecimal (>= 3.0)
      ostruct (>= 0.2)
    ostruct (0.6.1)
    pp (0.6.2)
      prettyprint
    prettyprint (0.2.0)
    prime (0.1.3)
      forwardable
      singleton
    profile (0.4.0)
    progressbar (1.13.0)
    psych (5.2.3)
      date
      stringio
    r18n-core (5.0.1)
    racc (1.8.1)
    rack (2.2.13)
    rack-protection (2.2.4)
      rack
    rack-session (1.0.2)
      rack (< 3)
    rack-test (2.2.0)
      rack (>= 1.3)
    rackup (1.0.1)
      rack (< 3)
      webrick
    rails-dom-testing (2.2.0)
      activesupport (>= 5.0.0)
      minitest
      nokogiri (>= 1.6)
    rails-html-sanitizer (1.6.2)
      loofah (~> 2.21)
      nokogiri (>= 1.15.7, != 1.16.7, != 1.16.6, != 1.16.5, != 1.16.4, != 1.16.3, != 1.16.2, != 1.16.1, != 1.16.0.rc1, != 1.16.0)
    rails-i18n (8.0.1)
      i18n (>= 0.7, < 2)
      railties (>= 8.0.0, < 9)
    railties (8.0.2)
      actionpack (= 8.0.2)
      activesupport (= 8.0.2)
      irb (~> 1.13)
      rackup (>= 1.0.0)
      rake (>= 12.2)
      thor (~> 1.0, >= 1.2.2)
      zeitwerk (~> 2.6)
    rake (13.2.1)
    rdoc (6.13.1)
      psych (>= 4.0.0)
    reline (0.6.0)
      io-console (~> 0.5)
    ruby2_keywords (0.0.5)
    securerandom (0.4.1)
    sequel (5.90.0)
      bigdecimal
    simplecov (0.22.0)
      docile (~> 1.1)
      simplecov-html (~> 0.11)
      simplecov_json_formatter (~> 0.1)
    simplecov-html (0.13.1)
    simplecov_json_formatter (0.1.4)
    sinatra (2.2.4)
      mustermann (~> 2.0)
      rack (~> 2.2)
      rack-protection (= 2.2.4)
      tilt (~> 2.0)
    singleton (0.3.0)
    slim (4.1.0)
      temple (>= 0.7.6, < 0.9)
      tilt (>= 2.0.6, < 2.1)
    stringio (3.1.6)
    temple (0.8.2)
    text (1.3.1)
    thor (1.3.2)
    tilt (2.0.11)
    tomlrb (2.0.3)
    twitter_cldr (6.14.0)
      base64
      camertron-eprun
      cldr-plurals-runtime-rb (~> 1.1)
      tzinfo
    tzinfo (2.0.6)
      concurrent-ruby (~> 1.0)
    uri (1.0.3)
    useragent (0.16.11)
    webrick (1.9.1)
    zeitwerk (2.7.2)

PLATFORMS
  aarch64-linux-gnu
  aarch64-linux-musl
  arm-linux-gnu
  arm-linux-musl
  arm64-darwin
  x86_64-darwin
  x86_64-linux-gnu
  x86_64-linux-musl

DEPENDENCIES
  activesupport
  concurrent-ruby-ext
  fast_gettext
  gettext
  hjson
  i18n
  inifile
  iniparse
  mini_i18n
  minitest (~> 5.14)
  minitest-fail-fast
  money
  nii!
  nii-cldr!
  nii-cli!
  nii-core!
  nii-extra-locales!
  nii-global!
  nii-historic!
  nii-i18n!
  nii-rbnf!
  nii-sinatra!
  nii-slim!
  nii-sql!
  nii-units!
  nii-xml!
  oj
  profile
  r18n-core
  rails-i18n
  rake (~> 13.0)
  simplecov
  tomlrb
  twitter_cldr
  yard!

BUNDLED WITH
   2.6.5
