GIT
  remote: https://github.com/lsegal/yard.git
  revision: b589fa0dc0a21f3304da949dc418e0dc0032182b
  branch: main
  specs:
    yard (0.9.26)

PATH
  remote: .
  specs:
    nii (0.0.0)
      nii-calendars (= 0.0.0)
      nii-core (= 0.0.0)
      nii-units (= 0.0.0)
      nii-xml (= 0.0.0)
    nii-calendars (0.0.0)
      nii-core (= 0.0.0)
    nii-core (0.0.0)
      concurrent-ruby (~> 1.1)
      nii-rbnf (= 0.0.0)
      tzinfo (~> 2.0)
    nii-extra-locales (0.0.0)
      nii-core (= 0.0.0)
    nii-global (0.0.0)
      nii-core (= 0.0.0)
    nii-historic (0.0.0)
      nii-calendars (= 0.0.0)
      nii-core (= 0.0.0)
    nii-i18n (0.0.0)
      i18n (~> 1.8)
      nii-core (= 0.0.0)
    nii-rbnf (0.0.0)
    nii-sinatra (0.0.0)
      nii-core (= 0.0.0)
      sinatra (~> 2.0)
    nii-slim (0.0.0)
      nii-core (= 0.0.0)
      slim (~> 4.1)
    nii-units (0.0.0)
    nii-xml (0.0.0)
      nii-core (= 0.0.0)
      nokogiri (~> 1.11)

PATH
  remote: tools
  specs:
    nii-cldr (0.0.0)
      neatjson (~> 0.9)
      nii-core (= 0.0.0)
      nokogiri
      progressbar

GEM
  remote: https://rubygems.org/
  specs:
    actionpack (6.1.3.2)
      actionview (= 6.1.3.2)
      activesupport (= 6.1.3.2)
      rack (~> 2.0, >= 2.0.9)
      rack-test (>= 0.6.3)
      rails-dom-testing (~> 2.0)
      rails-html-sanitizer (~> 1.0, >= 1.2.0)
    actionview (6.1.3.2)
      activesupport (= 6.1.3.2)
      builder (~> 3.1)
      erubi (~> 1.4)
      rails-dom-testing (~> 2.0)
      rails-html-sanitizer (~> 1.1, >= 1.2.0)
    activesupport (6.1.3.2)
      concurrent-ruby (~> 1.0, >= 1.0.2)
      i18n (>= 1.6, < 2)
      minitest (>= 5.1)
      tzinfo (~> 2.0)
      zeitwerk (~> 2.3)
    builder (3.2.4)
    camertron-eprun (1.1.1)
    cldr-plurals-runtime-rb (1.1.0)
    concurrent-ruby (1.1.8)
    concurrent-ruby-ext (1.1.8)
      concurrent-ruby (= 1.1.8)
    crass (1.0.6)
    docile (1.3.5)
    erubi (1.10.0)
    fast_gettext (2.0.3)
    gettext (3.3.7)
      locale (>= 2.0.5)
      text (>= 1.3.0)
    i18n (1.8.10)
      concurrent-ruby (~> 1.0)
    locale (2.1.3)
    loofah (2.9.1)
      crass (~> 1.0.2)
      nokogiri (>= 1.5.9)
    method_source (1.0.0)
    mini_i18n (0.8.0)
    minitest (5.14.4)
    minitest-fail-fast (0.1.0)
      minitest (~> 5)
    money (6.16.0)
      i18n (>= 0.6.4, <= 2)
    mustermann (1.1.1)
      ruby2_keywords (~> 0.0.1)
    neatjson (0.9)
    nokogiri (1.11.3-x86_64-darwin)
      racc (~> 1.4)
    nokogiri (1.11.3-x86_64-linux)
      racc (~> 1.4)
    profile (0.4.0)
    progressbar (1.11.0)
    r18n-core (5.0.1)
    racc (1.5.2)
    rack (2.2.3)
    rack-protection (2.1.0)
      rack
    rack-test (1.1.0)
      rack (>= 1.0, < 3)
    rails-dom-testing (2.0.3)
      activesupport (>= 4.2.0)
      nokogiri (>= 1.6)
    rails-html-sanitizer (1.3.0)
      loofah (~> 2.3)
    rails-i18n (6.0.0)
      i18n (>= 0.7, < 2)
      railties (>= 6.0.0, < 7)
    railties (6.1.3.2)
      actionpack (= 6.1.3.2)
      activesupport (= 6.1.3.2)
      method_source
      rake (>= 0.8.7)
      thor (~> 1.0)
    rake (13.0.3)
    ruby2_keywords (0.0.4)
    simplecov (0.21.2)
      docile (~> 1.1)
      simplecov-html (~> 0.11)
      simplecov_json_formatter (~> 0.1)
    simplecov-html (0.12.3)
    simplecov_json_formatter (0.1.3)
    sinatra (2.1.0)
      mustermann (~> 1.0)
      rack (~> 2.2)
      rack-protection (= 2.1.0)
      tilt (~> 2.0)
    slim (4.1.0)
      temple (>= 0.7.6, < 0.9)
      tilt (>= 2.0.6, < 2.1)
    temple (0.8.2)
    text (1.3.1)
    thor (1.1.0)
    tilt (2.0.10)
    twitter_cldr (6.6.0)
      camertron-eprun
      cldr-plurals-runtime-rb (~> 1.1)
      tzinfo
    tzinfo (2.0.4)
      concurrent-ruby (~> 1.0)
    zeitwerk (2.4.2)

PLATFORMS
  x86_64-darwin-19
  x86_64-linux

DEPENDENCIES
  activesupport
  concurrent-ruby-ext
  fast_gettext
  gettext
  i18n
  mini_i18n
  minitest (~> 5.14)
  minitest-fail-fast
  money
  nii!
  nii-cldr!
  nii-core!
  nii-extra-locales!
  nii-global!
  nii-historic!
  nii-i18n!
  nii-rbnf!
  nii-sinatra!
  nii-slim!
  nii-units!
  nii-xml!
  profile
  r18n-core
  rails-i18n
  rake (~> 13.0)
  simplecov
  twitter_cldr
  yard!

BUNDLED WITH
   2.2.3
